GEM
  remote: https://rubygems.org/
  specs:
    rack (2.1.4.1)
    rack-cache (1.13.0)
      rack (>= 0.4)
    redis (4.8.0)
    redis-rack-cache (2.0.2)
      rack-cache (>= 1.6, < 2)
      redis-store (>= 1.2, < 2)
    redis-store (1.9.1)
      redis (>= 4, < 5)

PLATFORMS
  ruby

DEPENDENCIES
  rack (~> 2.1.4)
  redis-rack-cache (= 2.0.2)

BUNDLED WITH
   1.17.3
